GEM
  remote: http://rubygems.org/
  specs:
    json (1.7.0)
    mime-types (1.18)
    rest-client (1.6.7)
      mime-types (>= 1.16)
    serialport (1.0.4)

PLATFORMS
  ruby

DEPENDENCIES
  json (>= 1.6.5)
  rest-client (>= 0.9.1)
  serialport (>= 1.0.4)
